GEM
  remote: https://rubygems.org/
  specs:
    fileutils (0.7)
      rmagick (>= 2.13.1)
    haml (4.0.4)
      tilt
    hoe (3.7.1)
      rake (>= 0.8, < 11.0)
    json (1.8.1)
    json_pure (1.8.1)
    rack (1.5.2)
    rack-protection (1.5.1)
      rack
    rake (10.1.0)
    rdoc (3.12.2)
      json (~> 1.4)
    rmagick (2.13.2)
    sdoc (0.3.20)
      json (>= 1.1.3)
      rdoc (~> 3.10)
    sinatra (1.4.4)
      rack (~> 1.4)
      rack-protection (~> 1.4)
      tilt (~> 1.3, >= 1.3.4)
    sinatra-index (0.0.2)
      sinatra
    tilt (1.4.1)

PLATFORMS
  ruby

DEPENDENCIES
  fileutils
  haml
  hoe
  json
  json_pure
  sdoc
  sinatra
  sinatra-index
